ObjectType = Image
NDims = 3
BinaryData = True
BinaryDataByteOrderMSB = False
CompressedData = False
TransformMatrix = 1 0 0 0 1 0 0 0 1
Offset = 0 0 0
CenterOfRotation = 0 0 0
ElementSpacing = 0.584314 0.584314 0.968504
DimSize = 256 256 128
AnatomicalOrientation = ???
ElementType = MET_UCHAR
ElementDataFile = T04.raw
